GEM
  remote: https://rubygems.org/
  specs:
    chronic (0.10.2)

PLATFORMS
  x86_64-darwin-20

DEPENDENCIES
  chronic

BUNDLED WITH
   2.2.6
